GEM
  remote: https://rubygems.org/

PLATFORMS
  ruby

DEPENDENCIES

BUNDLED WITH
   1.10.6
